PATH
  remote: /var/themis/finals/lib/attack-result-rb
  specs:
    themis-finals-attack-result (4.0.0)
      ruby-enum

PATH
  remote: /var/themis/finals/lib/checker-result-rb
  specs:
    themis-finals-checker-result (2.0.0)
      ruby-enum (~> 0.5.0)

GEM
  remote: https://rubygems.org/
  specs:
    aws-sdk (2.3.21)
      aws-sdk-resources (= 2.3.21)
    aws-sdk-core (2.3.21)
      jmespath (~> 1.0)
    aws-sdk-resources (2.3.21)
      aws-sdk-core (= 2.3.21)
    backports (3.6.8)
    beaneater (1.0.0)
    concurrent-ruby (1.0.2)
    connection_pool (2.2.0)
    daemons (1.2.3)
    dotenv (2.1.1)
    eventmachine (1.2.0.1)
    hiredis (0.6.1)
    i18n (0.7.0)
    jmespath (1.3.0)
    json (2.0.1)
    multi_json (1.12.1)
    pg (0.18.4)
    rack (1.6.4)
    rack-protection (1.5.3)
      rack
    rack-test (0.6.3)
      rack (>= 1.0)
    rake (11.2.2)
    redis (3.3.0)
    ruby-enum (0.5.0)
      i18n
    ruby-ip (0.9.3)
    sequel (4.36.0)
    sequel_pg (1.6.17)
      pg (>= 0.8.0)
      sequel (>= 4.0.0)
    sidekiq (4.1.4)
      concurrent-ruby (~> 1.0)
      connection_pool (~> 2.2, >= 2.2.0)
      redis (~> 3.2, >= 3.2.1)
      sinatra (>= 1.4.7)
    sinatra (1.4.7)
      rack (~> 1.5)
      rack-protection (~> 1.4)
      tilt (>= 1.3, < 3)
    sinatra-contrib (1.4.7)
      backports (>= 2.0)
      multi_json
      rack-protection
      rack-test
      sinatra (~> 1.4.0)
      tilt (>= 1.3, < 3)
    thin (1.7.0)
      daemons (~> 1.0, >= 1.0.9)
      eventmachine (~> 1.0, >= 1.0.4)
      rack (>= 1, < 3)
    tilt (2.0.5)

PLATFORMS
  ruby

DEPENDENCIES
  aws-sdk
  beaneater
  dotenv
  eventmachine
  hiredis
  json
  rake
  redis
  ruby-enum
  ruby-ip
  sequel
  sequel_pg
  sidekiq
  sinatra
  sinatra-contrib
  themis-finals-attack-result!
  themis-finals-checker-result!
  thin

BUNDLED WITH
   1.11.2
