GEM
  remote: https://rubygems.org/
  specs:
    daemons (1.2.3)
    em-synchrony (1.0.4)
      eventmachine (>= 1.0.0.beta.1)
    eventmachine (1.0.7)
    rack (1.6.4)
    rack-protection (1.5.3)
      rack
    redis (3.2.1)
    sinatra (1.4.6)
      rack (~> 1.4)
      rack-protection (~> 1.4)
      tilt (>= 1.3, < 3)
    thin (1.6.3)
      daemons (~> 1.0, >= 1.0.9)
      eventmachine (~> 1.0)
      rack (~> 1.0)
    tilt (2.0.1)

PLATFORMS
  ruby

DEPENDENCIES
  em-synchrony
  eventmachine
  redis
  sinatra
  thin

BUNDLED WITH
   1.10.4
