GEM
  remote: https://rubygems.org/
  specs:
    activesupport (5.2.1)
      concurrent-ruby (~> 1.0, >= 1.0.2)
      i18n (>= 0.7, < 2)
      minitest (~> 5.1)
      tzinfo (~> 1.1)
    backports (3.6.8)
    concurrent-ruby (1.1.5)
    connection_pool (2.2.2)
    daemons (1.3.1)
    dotenv (2.1.1)
    eventmachine (1.2.7)
    i18n (1.1.0)
      concurrent-ruby (~> 1.0)
    json (2.0.1)
    jwt (1.5.6)
    mini_magick (4.8.0)
    minitest (5.11.3)
    multi_json (1.12.1)
    pg (0.18.4)
    rack (1.6.11)
    rack-protection (1.5.5)
      rack
    rack-test (0.6.3)
      rack (>= 1.0)
    rake (12.3.1)
    redis (4.1.2)
    ruby-enum (0.5.0)
      i18n
    ruby-ip (0.9.3)
    sequel (5.11.0)
    sequel_pg (1.6.17)
      pg (>= 0.8.0)
      sequel (>= 4.0.0)
    sidekiq (5.2.7)
      connection_pool (~> 2.2, >= 2.2.2)
      rack (>= 1.5.0)
      rack-protection (>= 1.5.0)
      redis (>= 3.3.5, < 5)
    sinatra (1.4.8)
      rack (~> 1.5)
      rack-protection (~> 1.4)
      tilt (>= 1.3, < 3)
    sinatra-contrib (1.4.7)
      backports (>= 2.0)
      multi_json
      rack-protection
      rack-test
      sinatra (~> 1.4.0)
      tilt (>= 1.3, < 3)
    terminal-table (1.8.0)
      unicode-display_width (~> 1.1, >= 1.1.1)
    thin (1.7.2)
      daemons (~> 1.0, >= 1.0.9)
      eventmachine (~> 1.0, >= 1.0.4)
      rack (>= 1, < 3)
    thread_safe (0.3.6)
    tilt (2.0.9)
    time_difference (0.5.0)
      activesupport
    tzinfo (1.2.5)
      thread_safe (~> 0.1)
    unicode-display_width (1.3.0)
    volgactf-final-checker-result (1.0.0)
      ruby-enum (~> 0.5.0)

PLATFORMS
  ruby

DEPENDENCIES
  activesupport
  dotenv
  eventmachine
  json
  jwt
  mini_magick
  rake
  redis
  ruby-enum
  ruby-ip
  sequel
  sequel_pg
  sidekiq
  sinatra
  sinatra-contrib
  terminal-table
  thin
  time_difference
  volgactf-final-checker-result (~> 1.0.0)

BUNDLED WITH
   2.0.1
